PATH
  remote: .
  specs:
    sidekiq-scheduler (0.0.0)
      sidekiq (>= 0.8.0)

GEM
  remote: http://rubygems.org/
  specs:
    celluloid (0.9.0)
    connection_pool (0.1.0)
    multi_json (1.1.0)
    rake (0.9.2.2)
    redis (2.2.2)
    redis-namespace (1.1.0)
      redis (< 3.0.0)
    sidekiq (0.8.0)
      celluloid
      connection_pool
      multi_json
      redis
      redis-namespace
    timecop (0.3.5)

PLATFORMS
  ruby

DEPENDENCIES
  rake
  sidekiq-scheduler!
  timecop
